GEM
  remote: http://rubygems.org/
  specs:
    activesupport (3.2.22.5)
      i18n (~> 0.6, >= 0.6.4)
      multi_json (~> 1.0)
    concurrent-ruby (1.2.2)
    execjs (2.8.1)
    i18n (0.9.5)
      concurrent-ruby (~> 1.0)
    multi_json (1.15.0)
    rack (1.5.5)
    rack-test (0.6.3)
      rack (>= 1.0)
    rake (13.0.6)
    serve (1.5.2)
      activesupport (~> 3.2.12)
      i18n
      rack (~> 1.5.2)
      rack-test (~> 0.6.2)
      tilt (~> 1.3.3)
      tzinfo
    tilt (1.3.7)
    tzinfo (2.0.6)
      concurrent-ruby (~> 1.0)
    uglifier (4.2.0)
      execjs (>= 0.3.0, < 3)

PLATFORMS
  ruby

DEPENDENCIES
  rake (>= 12.3.3)
  serve
  uglifier (>= 2.7.2)

BUNDLED WITH
   2.1.4
